GEM
  remote: https://rubygems.org/
  specs:
    curses (1.2.4)
    minitest (5.11.3)

PLATFORMS
  ruby

DEPENDENCIES
  curses
  minitest

BUNDLED WITH
   1.16.1
