GEM
  remote: https://rubygems.org/
  specs:
    curses (1.2.4)
    minitest (5.11.3)
    rake (12.3.1)

PLATFORMS
  ruby

DEPENDENCIES
  curses
  minitest
  rake

BUNDLED WITH
   1.16.1
